GIT
  remote: git://github.com/capistrano/rvm.git
  revision: 9cfef39cf0022839dca6b5b330dfefeb5fc363e7
  specs:
    capistrano-rvm (0.1.2)
      capistrano (~> 3.0)
      sshkit (~> 1.2)

GEM
  remote: https://rubygems.org/
  specs:
    actionmailer (4.1.11)
      actionpack (= 4.1.11)
      actionview (= 4.1.11)
      mail (~> 2.5, >= 2.5.4)
    actionpack (4.1.11)
      actionview (= 4.1.11)
      activesupport (= 4.1.11)
      rack (~> 1.5.2)
      rack-test (~> 0.6.2)
    actionview (4.1.11)
      activesupport (= 4.1.11)
      builder (~> 3.1)
      erubis (~> 2.7.0)
    activemodel (4.1.11)
      activesupport (= 4.1.11)
      builder (~> 3.1)
    activerecord (4.1.11)
      activemodel (= 4.1.11)
      activesupport (= 4.1.11)
      arel (~> 5.0.0)
    activesupport (4.1.11)
      i18n (~> 0.6, >= 0.6.9)
      json (~> 1.7, >= 1.7.7)
      minitest (~> 5.1)
      thread_safe (~> 0.1)
      tzinfo (~> 1.1)
    addressable (2.4.0)
    arel (5.0.1.20140414130214)
    bcrypt (3.1.10)
    better_errors (2.1.1)
      coderay (>= 1.0.0)
      erubis (>= 2.6.6)
      rack (>= 0.9.0)
    binding_of_caller (0.7.2)
      debug_inspector (>= 0.0.1)
    builder (3.2.2)
    byebug (8.2.2)
    cancan (1.6.10)
    capistrano (3.1.0)
      i18n
      rake (>= 10.0.0)
      sshkit (~> 1.3)
    capistrano-bundler (1.1.4)
      capistrano (~> 3.1)
      sshkit (~> 1.2)
    capistrano-rails (1.1.6)
      capistrano (~> 3.1)
      capistrano-bundler (~> 1.1)
    capybara (2.6.2)
      addressable
      mime-types (>= 1.16)
      nokogiri (>= 1.3.3)
      rack (>= 1.0.0)
      rack-test (>= 0.5.4)
      xpath (~> 2.0)
    carrierwave (0.10.0)
      activemodel (>= 3.2.0)
      activesupport (>= 3.2.0)
      json (>= 1.7)
      mime-types (>= 1.16)
    code_analyzer (0.4.5)
      sexp_processor
    coderay (1.1.1)
    coffee-rails (4.1.1)
      coffee-script (>= 2.2.0)
      railties (>= 4.0.0, < 5.1.x)
    coffee-script (2.4.1)
      coffee-script-source
      execjs
    coffee-script-source (1.10.0)
    commonjs (0.2.7)
    database_cleaner (1.5.1)
    debug_inspector (0.0.2)
    devise (3.5.6)
      bcrypt (~> 3.0)
      orm_adapter (~> 0.1)
      railties (>= 3.2.6, < 5)
      responders
      thread_safe (~> 0.1)
      warden (~> 1.2.3)
    diff-lcs (1.2.5)
    docile (1.1.5)
    erubis (2.7.0)
    execjs (2.6.0)
    factory_girl (4.5.0)
      activesupport (>= 3.0.0)
    factory_girl_rails (4.6.0)
      factory_girl (~> 4.5.0)
      railties (>= 3.0.0)
    figaro (1.1.1)
      thor (~> 0.14)
    geocoder (1.3.1)
    gmaps4rails (2.1.2)
    hike (1.2.3)
    i18n (0.7.0)
    jbuilder (2.4.1)
      activesupport (>= 3.0.0, < 5.1)
      multi_json (~> 1.2)
    jquery-rails (3.1.4)
      railties (>= 3.0, < 5.0)
      thor (>= 0.14, < 2.0)
    json (1.8.3)
    less (2.6.0)
      commonjs (~> 0.2.7)
    less-rails (2.7.1)
      actionpack (>= 4.0)
      less (~> 2.6.0)
      sprockets (> 2, < 4)
      tilt
    libv8 (3.16.14.13)
    mail (2.6.3)
      mime-types (>= 1.16, < 3)
    method_source (0.8.2)
    mime-types (2.99.1)
    mini_portile2 (2.0.0)
    minitest (5.8.4)
    multi_json (1.11.2)
    mysql2 (0.4.3)
    net-scp (1.2.1)
      net-ssh (>= 2.6.5)
    net-ssh (3.0.2)
    nokogiri (1.6.7.2)
      mini_portile2 (~> 2.0.0.rc2)
    orm_adapter (0.5.0)
    paper_trail (4.0.2)
      activerecord (>= 3.0, < 6.0)
      activesupport (>= 3.0, < 6.0)
      request_store (~> 1.1)
    pry (0.10.3)
      coderay (~> 1.1.0)
      method_source (~> 0.8.1)
      slop (~> 3.4)
    pry-byebug (3.3.0)
      byebug (~> 8.0)
      pry (~> 0.10)
    pry-rails (0.3.4)
      pry (>= 0.9.10)
    pry-remote (0.1.8)
      pry (~> 0.9)
      slop (~> 3.0)
    pry-stack_explorer (0.4.9.2)
      binding_of_caller (>= 0.7)
      pry (>= 0.9.11)
    rack (1.5.5)
    rack-test (0.6.3)
      rack (>= 1.0)
    rails (4.1.11)
      actionmailer (= 4.1.11)
      actionpack (= 4.1.11)
      actionview (= 4.1.11)
      activemodel (= 4.1.11)
      activerecord (= 4.1.11)
      activesupport (= 4.1.11)
      bundler (>= 1.3.0, < 2.0)
      railties (= 4.1.11)
      sprockets-rails (~> 2.0)
    rails_best_practices (1.16.0)
      activesupport
      code_analyzer (>= 0.4.3)
      erubis
      i18n
      json
      require_all
      ruby-progressbar
    railties (4.1.11)
      actionpack (= 4.1.11)
      activesupport (= 4.1.11)
      rake (>= 0.8.7)
      thor (>= 0.18.1, < 2.0)
    rake (10.5.0)
    rdoc (4.2.2)
      json (~> 1.4)
    ref (2.0.0)
    request_store (1.3.0)
    require_all (1.3.3)
    responders (1.1.2)
      railties (>= 3.2, < 4.2)
    rspec-core (3.0.4)
      rspec-support (~> 3.0.0)
    rspec-expectations (3.0.4)
      diff-lcs (>= 1.2.0, < 2.0)
      rspec-support (~> 3.0.0)
    rspec-mocks (3.0.4)
      rspec-support (~> 3.0.0)
    rspec-rails (3.0.2)
      actionpack (>= 3.0)
      activesupport (>= 3.0)
      railties (>= 3.0)
      rspec-core (~> 3.0.0)
      rspec-expectations (~> 3.0.0)
      rspec-mocks (~> 3.0.0)
      rspec-support (~> 3.0.0)
    rspec-support (3.0.4)
    ruby-progressbar (1.7.5)
    sdoc (0.4.1)
      json (~> 1.7, >= 1.7.7)
      rdoc (~> 4.0)
    seed_migration (1.1.0)
    sexp_processor (4.7.0)
    shoulda-matchers (3.1.1)
      activesupport (>= 4.0.0)
    simplecov (0.11.2)
      docile (~> 1.1.0)
      json (~> 1.8)
      simplecov-html (~> 0.10.0)
    simplecov-html (0.10.0)
    slop (3.6.0)
    spring (1.6.4)
    sprockets (2.11.0)
      hike (~> 1.2)
      multi_json (~> 1.0)
      rack (~> 1.0)
      tilt (~> 1.1, != 1.3.0)
    sprockets-rails (2.3.3)
      actionpack (>= 3.0)
      activesupport (>= 3.0)
      sprockets (>= 2.8, < 4.0)
    sqlite3 (1.3.11)
    sshkit (1.8.1)
      net-scp (>= 1.1.2)
      net-ssh (>= 2.8.0)
    therubyracer (0.12.2)
      libv8 (~> 3.16.14.0)
      ref
    thor (0.19.1)
    thread_safe (0.3.5)
    tilt (1.4.1)
    turbolinks (2.5.3)
      coffee-rails
    twitter-bootstrap-rails (3.2.2)
      actionpack (>= 3.1)
      execjs (>= 2.2.2, >= 2.2)
      less-rails (>= 2.5.0)
      railties (>= 3.1)
    tzinfo (1.2.2)
      thread_safe (~> 0.1)
    uglifier (2.7.2)
      execjs (>= 0.3.0)
      json (>= 1.8.0)
    warden (1.2.6)
      rack (>= 1.0)
    writeexcel (1.0.5)
    xpath (2.0.0)
      nokogiri (~> 1.3)

PLATFORMS
  ruby

DEPENDENCIES
  better_errors
  binding_of_caller
  cancan
  capistrano (~> 3.1.0)
  capistrano-bundler (~> 1.1.2)
  capistrano-rails (~> 1.1.1)
  capistrano-rvm!
  capybara
  carrierwave
  database_cleaner
  devise
  factory_girl_rails
  figaro
  geocoder
  gmaps4rails
  jbuilder (~> 2.0)
  jquery-rails
  less-rails
  mysql2
  paper_trail (~> 4.0.0.rc)
  pry
  pry-byebug
  pry-rails
  pry-remote
  pry-stack_explorer
  rails (= 4.1.11)
  rails_best_practices
  rspec-rails (~> 3.0.0)
  sdoc (~> 0.4.0)
  seed_migration
  shoulda-matchers
  simplecov
  spring
  sprockets (= 2.11.0)
  sqlite3
  therubyracer
  tilt
  turbolinks
  twitter-bootstrap-rails
  uglifier (>= 1.3.0)
  writeexcel
